PATH
  remote: .
  specs:
    oauth2-rack (0.0.5)
      multi_json
      rack

GEM
  remote: http://ruby.taobao.org/
  remote: http://rubygems.org/
  specs:
    addressable (2.2.6)
    diff-lcs (1.1.2)
    faraday (0.7.4)
      addressable (~> 2.2.6)
      multipart-post (~> 1.1.0)
      rack (>= 1.1.0, < 2)
    ffi (1.0.9)
    growl (1.0.3)
    guard (0.6.2)
      thor (~> 0.14.6)
    guard-rspec (0.4.3)
      guard (>= 0.4.0)
    libnotify (0.5.7)
    multi_json (1.0.3)
    multipart-post (1.1.3)
    oauth2 (0.5.0)
      faraday (>= 0.6.1, < 0.8)
      multi_json (~> 1.0.0)
    rack (1.3.2)
    rake (0.9.2)
    rb-fsevent (0.4.3.1)
    rb-inotify (0.8.6)
      ffi (>= 0.5.0)
    rspec (2.6.0)
      rspec-core (~> 2.6.0)
      rspec-expectations (~> 2.6.0)
      rspec-mocks (~> 2.6.0)
    rspec-core (2.6.4)
    rspec-expectations (2.6.0)
      diff-lcs (~> 1.1.2)
    rspec-mocks (2.6.0)
    shotgun (0.9)
      rack (>= 1.0)
    thor (0.14.6)
    yard (0.7.2)

PLATFORMS
  ruby

DEPENDENCIES
  growl
  guard-rspec
  libnotify
  oauth2
  oauth2-rack!
  rake
  rb-fsevent
  rb-inotify
  rspec
  shotgun
  yard
